GEM
  remote: https://rubygems.org/
  specs:
    term-ansicolor (1.0.7)

PLATFORMS
  ruby

DEPENDENCIES
  term-ansicolor
